GEM
  remote: http://rubygems.org/
  specs:
    activesupport (3.0.7)
    chunky_png (1.2.0)
    compass (0.11.1)
      chunky_png (~> 1.1)
      fssm (>= 0.2.7)
      sass (~> 3.1)
    fssm (0.2.7)
    haml (3.1.1)
    i18n (0.6.0)
    json (1.5.1)
    rack (1.3.0)
    rdiscount (1.6.8)
    sass (3.1.1)
    sinatra (1.2.6)
      rack (~> 1.1)
      tilt (>= 1.2.2, < 2.0)
    tilt (1.3.1)

PLATFORMS
  ruby

DEPENDENCIES
  activesupport
  compass
  haml
  i18n
  json
  rack
  rdiscount
  sass
  sinatra
